{
    "Modality": "MR",
    "MagneticFieldStrength": 3,
    "Manufacturer": "GE",
    "ManufacturersModelName": "Signa_HDxt",
    "InstitutionName": "Brain_Imaging_Center_UCDenver_3T",
    "DeviceSerialNumber": "0000000000001234",
    "StationName": "GEMSOW",
    "PatientPosition": "HFS",
    "SoftwareVersions": "15_LX_MR_Software_release:15.0_M4A_0947.a",
    "MRAcquisitionType": "2D",
    "SeriesDescription": "Rest_300_reps",
    "ProtocolName": "Rest_300_reps",
    "ScanningSequence": "EP_GR",
    "SequenceVariant": "SS",
    "ScanOptions": "EPI_GEMS",
    "ImageType": [
        "ORIGINAL",
        "PRIMARY",
        "EPI",
        "NONE"
    ],
    "SeriesNumber": 14,
    "AcquisitionTime": "13:59:0.000000",
    "AcquisitionNumber": 1,
    "SliceThickness": 3.5,
    "SpacingBetweenSlices": 4,
    "SAR": 0.205486,
    "EchoTime": 0.028,
    "RepetitionTime": 2,
    "FlipAngle": 70,
    "PercentPhaseFOV": 100,
    "AcquisitionMatrixPE": 64,
    "ReconMatrixPE": 64,
    "EffectiveEchoSpacing": 0.000512,
    "TotalReadoutTime": 0.032256,
    "PixelBandwidth": 7812.5,
    "ImageOrientationPatientDICOM": [
        0.999948,
        0,
        0.0101628,
        0.00164796,
        0.986831,
        -0.161746
    ],
    "InPlanePhaseEncodingDirectionDICOM": "COL",
    "ConversionSoftware": "dcm2niix",
    "ConversionSoftwareVersion": "v1.0.20171215 (OpenJPEG build) GCC4.8.4",
    "TaskName": "rest"
}