{
	"Modality": "MR",
	"MagneticFieldStrength": 3,
	"Manufacturer": "Siemens",
	"ManufacturersModelName": "Skyra",
	"InstitutionName": "Brain_Imaging_Center",
	"InstitutionAddress": "E_17th_Place_12469_Aurora_52-_Denver_Service_US_80045",
	"DeviceSerialNumber": "45890",
	"StationName": "AWP45890",
	"BodyPartExamined": "HEAD",
	"PatientPosition": "HFS",
	"ProcedureStepDescription": "head_Kluger",
	"SoftwareVersions": "syngo_MR_E11",
	"MRAcquisitionType": "3D",
	"SeriesDescription": "t1_mprage_tra",
	"ProtocolName": "t1_mprage_tra",
	"ScanningSequence": "GR_IR",
	"SequenceVariant": "SK_SP_MP_OSP",
	"ScanOptions": "IR",
	"SequenceName": "_tfl3d1_16",
	"ImageType": ["ORIGINAL", "PRIMARY", "M", "ND", "NORM", "FM3", "2", "FIL"],
	"SeriesNumber": 5,
	"AcquisitionTime": "09:22:8.237500",
	"AcquisitionNumber": 1,
	"SliceThickness": 1,
	"SAR": 0.0779741,
	"EchoTime": 0.00245,
	"RepetitionTime": 2.2,
	"InversionTime": 0.9,
	"FlipAngle": 8,
	"PartialFourier": 1,
	"BaseResolution": 256,
	"ShimSetting": [
		9714,
		11486,
		11755,
		-309,
		-1293,
		-1404,
		1341,
		-246	],
	"TxRefAmp": 449.033,
	"PhaseResolution": 1,
	"PhaseOversampling": 0.1,
	"ReceiveCoilName": "HeadNeck_20",
	"ReceiveCoilActiveElements": "HE1-4;NE2",
	"PulseSequenceDetails": "%SiemensSeq%_tfl",
	"ConsistencyInfo": "N4_VE11C_LATEST_20160120",
	"PercentPhaseFOV": 100,
	"PhaseEncodingSteps": 282,
	"AcquisitionMatrixPE": 256,
	"ReconMatrixPE": 256,
	"ParallelReductionFactorInPlane": 2,
	"PixelBandwidth": 250,
	"ImageOrientationPatientDICOM": [
		0.997666,
		0.0530394,
		-0.0430101,
		-0.0657402,
		0.916403,
		-0.394821	],
	"InPlanePhaseEncodingDirectionDICOM": "ROW",
	"ConversionSoftware": "dcm2niix",
	"ConversionSoftwareVersion": "v1.0.20171215 (OpenJPEG build) GCC4.8.4"
}
