{
    "Modality": "MR",
    "MagneticFieldStrength": 3,
    "Manufacturer": "GE",
    "ManufacturersModelName": "Signa_HDxt",
    "InstitutionName": "Brain_Imaging_Center_UCDenver_3T",
    "DeviceSerialNumber": "0000000000001234",
    "StationName": "GEMSOW",
    "PatientPosition": "HFS",
    "SoftwareVersions": "15_LX_MR_Software_release:15.0_M4A_0947.a",
    "MRAcquisitionType": "2D",
    "SeriesDescription": "Rest_300_reps",
    "ProtocolName": "Rest_300_reps",
    "ScanningSequence": "EP_GR",
    "SequenceVariant": "SS",
    "ScanOptions": "EPI_GEMS",
    "ImageType": [
        "ORIGINAL",
        "PRIMARY",
        "EPI",
        "NONE"
    ],
    "SeriesNumber": 16,
    "AcquisitionTime": "12:04:25.000000",
    "AcquisitionNumber": 1,
    "SliceThickness": 3.5,
    "SpacingBetweenSlices": 4,
    "SAR": 0.137384,
    "EchoTime": 0.028,
    "RepetitionTime": 2,
    "FlipAngle": 70,
    "PercentPhaseFOV": 100,
    "AcquisitionMatrixPE": 64,
    "ReconMatrixPE": 64,
    "EffectiveEchoSpacing": 0.00052,
    "TotalReadoutTime": 0.03276,
    "PixelBandwidth": 7812.5,
    "ImageOrientationPatientDICOM": [
        0.99764,
        -0.0465097,
        -0.0505076,
        0.0467543,
        0.9989,
        0.00360119
    ],
    "InPlanePhaseEncodingDirectionDICOM": "COL",
    "ConversionSoftware": "dcm2niix",
    "ConversionSoftwareVersion": "v1.0.20171215 (OpenJPEG build) GCC4.8.4",
    "TaskName": "rest"
}