{
    "Modality": "MR",
    "MagneticFieldStrength": 3,
    "Manufacturer": "Siemens",
    "ManufacturersModelName": "Skyra",
    "InstitutionName": "Brain_Imaging_Center",
    "InstitutionalDepartmentName": "Department",
    "InstitutionAddress": "E_17th_Place_12469_Aurora_52-_Denver_Service_US_80045",
    "DeviceSerialNumber": "45890",
    "StationName": "AWP45890",
    "BodyPartExamined": "HEAD",
    "PatientPosition": "HFS",
    "ProcedureStepDescription": "head_Kluger",
    "SoftwareVersions": "syngo_MR_E11",
    "MRAcquisitionType": "2D",
    "SeriesDescription": "rest_10min",
    "ProtocolName": "rest_10min",
    "ScanningSequence": "EP",
    "SequenceVariant": "SK",
    "ScanOptions": "FS",
    "SequenceName": "_epfid2d1_64",
    "ImageType": [
        "ORIGINAL",
        "PRIMARY",
        "M",
        "ND",
        "NORM"
    ],
    "SeriesNumber": 19,
    "AcquisitionTime": "13:39:25.682500",
    "AcquisitionNumber": 1,
    "SliceThickness": 3.5,
    "SpacingBetweenSlices": 4.025,
    "SAR": 0.110736,
    "EchoTime": 0.026,
    "RepetitionTime": 2,
    "FlipAngle": 70,
    "PartialFourier": 1,
    "BaseResolution": 64,
    "ShimSetting": [
        9700,
        11525,
        12040,
        185,
        -1051,
        -1233,
        1801,
        291
    ],
    "TxRefAmp": 416.553,
    "PhaseResolution": 1,
    "ReceiveCoilName": "HeadNeck_20",
    "ReceiveCoilActiveElements": "HE1-4",
    "PulseSequenceDetails": "%SiemensSeq%_ep2d_fid",
    "ConsistencyInfo": "N4_VE11C_LATEST_20160120",
    "PercentPhaseFOV": 100,
    "EchoTrainLength": 31,
    "PhaseEncodingSteps": 63,
    "AcquisitionMatrixPE": 64,
    "ReconMatrixPE": 64,
    "BandwidthPerPixelPhaseEncode": 62.5,
    "ParallelReductionFactorInPlane": 2,
    "EffectiveEchoSpacing": 0.00025,
    "DerivedVendorReportedEchoSpacing": 0.0005,
    "TotalReadoutTime": 0.01575,
    "PixelBandwidth": 2440,
    "DwellTime": 3.2e-06,
    "PhaseEncodingDirection": "j-",
    "ImageOrientationPatientDICOM": [
        0.990771,
        0.0165738,
        -0.134532,
        -0.0299246,
        0.994753,
        -0.0978327
    ],
    "InPlanePhaseEncodingDirectionDICOM": "COL",
    "ConversionSoftware": "dcm2niix",
    "ConversionSoftwareVersion": "v1.0.20171215 (OpenJPEG build) GCC4.8.4",
    "TaskName": "rest"
}