{
    "Modality": "MR",
    "MagneticFieldStrength": 3,
    "Manufacturer": "Siemens",
    "ManufacturersModelName": "Skyra",
    "InstitutionName": "Brain_Imaging_Center",
    "InstitutionalDepartmentName": "Department",
    "InstitutionAddress": "E_17th_Place_12469_Aurora_52-_Denver_Service_US_80045",
    "DeviceSerialNumber": "45890",
    "StationName": "AWP45890",
    "BodyPartExamined": "HEAD",
    "PatientPosition": "HFS",
    "ProcedureStepDescription": "head_BKK02",
    "SoftwareVersions": "syngo_MR_E11",
    "MRAcquisitionType": "2D",
    "SeriesDescription": "resting-300-reps-basic",
    "ProtocolName": "resting-300-reps-basic",
    "ScanningSequence": "EP",
    "SequenceVariant": "SK",
    "ScanOptions": "FS",
    "SequenceName": "_epfid2d1_64",
    "ImageType": [
        "ORIGINAL",
        "PRIMARY",
        "M",
        "ND"
    ],
    "SeriesNumber": 19,
    "AcquisitionTime": "14:04:50.212500",
    "AcquisitionNumber": 1,
    "SliceThickness": 3.5,
    "SpacingBetweenSlices": 4.025,
    "SAR": 0.109653,
    "EchoTime": 0.026,
    "RepetitionTime": 2,
    "FlipAngle": 70,
    "PartialFourier": 1,
    "BaseResolution": 64,
    "ShimSetting": [
        9703,
        10901,
        12112,
        134,
        -251,
        -1111,
        1337,
        -55
    ],
    "TxRefAmp": 365.737,
    "PhaseResolution": 1,
    "ReceiveCoilName": "HeadNeck_20",
    "ReceiveCoilActiveElements": "HE1-4;NE2",
    "PulseSequenceDetails": "%SiemensSeq%_ep2d_fid",
    "ConsistencyInfo": "N4_VE11A_LATEST_20140830",
    "PercentPhaseFOV": 100,
    "EchoTrainLength": 31,
    "PhaseEncodingSteps": 63,
    "AcquisitionMatrixPE": 64,
    "ReconMatrixPE": 64,
    "BandwidthPerPixelPhaseEncode": 62.5,
    "ParallelReductionFactorInPlane": 2,
    "EffectiveEchoSpacing": 0.00025,
    "DerivedVendorReportedEchoSpacing": 0.0005,
    "TotalReadoutTime": 0.01575,
    "PixelBandwidth": 2440,
    "DwellTime": 3.2e-06,
    "PhaseEncodingDirection": "j-",
    "ImageOrientationPatientDICOM": [
        0.998363,
        0.040426,
        -0.0404565,
        -0.0439387,
        0.994965,
        -0.09008
    ],
    "InPlanePhaseEncodingDirectionDICOM": "COL",
    "ConversionSoftware": "dcm2niix",
    "ConversionSoftwareVersion": "v1.0.20171215 (OpenJPEG build) GCC4.8.4",
    "TaskName": "rest"
}