{
	"Modality": "MR",
	"MagneticFieldStrength": 3,
	"Manufacturer": "Siemens",
	"ManufacturersModelName": "Skyra",
	"InstitutionName": "Brain_Imaging_Center",
	"InstitutionalDepartmentName": "Department",
	"InstitutionAddress": "E_17th_Place_12469_Aurora_52-_Denver_Service_US_80045",
	"DeviceSerialNumber": "45890",
	"StationName": "AWP45890",
	"BodyPartExamined": "HEAD",
	"PatientPosition": "HFS",
	"ProcedureStepDescription": "head_BKK02",
	"SoftwareVersions": "syngo_MR_E11",
	"MRAcquisitionType": "3D",
	"SeriesDescription": "t1_mprage_tra",
	"ProtocolName": "t1_mprage_tra",
	"ScanningSequence": "GR_IR",
	"SequenceVariant": "SK_SP_MP_OSP",
	"ScanOptions": "IR",
	"SequenceName": "_tfl3d1_16",
	"ImageType": ["ORIGINAL", "PRIMARY", "M", "ND", "NORM", "FM3", "2", "FIL"],
	"SeriesNumber": 5,
	"AcquisitionTime": "15:25:28.000000",
	"AcquisitionNumber": 1,
	"SliceThickness": 1,
	"SAR": 0.0635633,
	"EchoTime": 0.00251,
	"RepetitionTime": 2.2,
	"InversionTime": 0.904,
	"FlipAngle": 8,
	"PartialFourier": 1,
	"BaseResolution": 256,
	"ShimSetting": [
		9681,
		11073,
		12043,
		270,
		-462,
		-966,
		245,
		-167	],
	"TxRefAmp": 350.609,
	"PhaseResolution": 1,
	"PhaseOversampling": 0.1,
	"ReceiveCoilName": "HeadNeck_20",
	"PulseSequenceDetails": "%SiemensSeq%_tfl",
	"ConsistencyInfo": "N4_VE11A_LATEST_20140830",
	"PercentPhaseFOV": 100,
	"PhaseEncodingSteps": 282,
	"AcquisitionMatrixPE": 256,
	"ReconMatrixPE": 256,
	"ParallelReductionFactorInPlane": 2,
	"PixelBandwidth": 250,
	"DwellTime": 7.8e-06,
	"ImageOrientationPatientDICOM": [
		0.998286,
		0.0165191,
		-0.0561448,
		-0.0359076,
		0.930431,
		-0.364704	],
	"InPlanePhaseEncodingDirectionDICOM": "ROW",
	"ConversionSoftware": "dcm2niix",
	"ConversionSoftwareVersion": "v1.0.20171215 (OpenJPEG build) GCC4.8.4"
}
