{
	"Modality": "MR",
	"MagneticFieldStrength": 3,
	"Manufacturer": "GE",
	"ManufacturersModelName": "Signa_HDxt",
	"InstitutionName": "Brain_Imaging_Center_UCDenver_3T",
	"DeviceSerialNumber": "0000000000001234",
	"StationName": "GEMSOW",
	"PatientPosition": "HFS",
	"SoftwareVersions": "15_LX_MR_Software_release:15.0_M4A_0947.a",
	"MRAcquisitionType": "3D",
	"SeriesDescription": "3d_SPGR-no_angle",
	"ProtocolName": "3d_SPGR-no_angle",
	"ScanningSequence": "GR",
	"SequenceVariant": "SS_SP_SK",
	"ScanOptions": "FAST_GEMS_EDR_GEMS_ACC_GEMS_PFF",
	"ImageType": ["ORIGINAL", "PRIMARY", "OTHER"],
	"SeriesNumber": 15,
	"AcquisitionTime": "14:35:29.000000",
	"AcquisitionNumber": 1,
	"SliceThickness": 1,
	"SpacingBetweenSlices": 1,
	"SAR": 0.143807,
	"EchoTime": 0.002988,
	"RepetitionTime": 0.01002,
	"InversionTime": 0.45,
	"FlipAngle": 10,
	"PercentPhaseFOV": 100,
	"AcquisitionMatrixPE": 256,
	"ReconMatrixPE": 256,
	"PixelBandwidth": 122.109,
	"ImageOrientationPatientDICOM": [
		1,
		-0,
		0,
		-0,
		1,
		0	],
	"InPlanePhaseEncodingDirectionDICOM": "ROW",
	"ConversionSoftware": "dcm2niix",
	"ConversionSoftwareVersion": "v1.0.20171215 (OpenJPEG build) GCC4.8.4"
}
