{
	"Modality": "MR",
	"MagneticFieldStrength": 3,
	"Manufacturer": "Siemens",
	"ManufacturersModelName": "Skyra",
	"InstitutionName": "Brain_Imaging_Center",
	"InstitutionalDepartmentName": "Department",
	"InstitutionAddress": "E_17th_Place_12469_Aurora_52-_Denver_Service_US_80045",
	"DeviceSerialNumber": "45890",
	"StationName": "AWP45890",
	"BodyPartExamined": "HEAD",
	"PatientPosition": "HFS",
	"ProcedureStepDescription": "head_BKK02",
	"SoftwareVersions": "syngo_MR_E11",
	"MRAcquisitionType": "3D",
	"SeriesDescription": "t1_mprage_tra",
	"ProtocolName": "t1_mprage_tra",
	"ScanningSequence": "GR_IR",
	"SequenceVariant": "SK_SP_MP_OSP",
	"ScanOptions": "IR",
	"SequenceName": "_tfl3d1_16",
	"ImageType": ["ORIGINAL", "PRIMARY", "M", "ND", "NORM", "FM3", "2", "FIL"],
	"SeriesNumber": 5,
	"AcquisitionTime": "12:53:48.152500",
	"AcquisitionNumber": 1,
	"SliceThickness": 1,
	"SAR": 0.0629417,
	"EchoTime": 0.00251,
	"RepetitionTime": 2.2,
	"InversionTime": 0.904,
	"FlipAngle": 8,
	"PartialFourier": 1,
	"BaseResolution": 256,
	"ShimSetting": [
		9834,
		11576,
		12016,
		-241,
		-1212,
		-447,
		1337,
		-295	],
	"TxRefAmp": 408.628,
	"PhaseResolution": 1,
	"PhaseOversampling": 0.1,
	"ReceiveCoilName": "HeadNeck_20",
	"ReceiveCoilActiveElements": "HE1-4;NE2",
	"PulseSequenceDetails": "%SiemensSeq%_tfl",
	"ConsistencyInfo": "N4_VE11A_LATEST_20140830",
	"PercentPhaseFOV": 100,
	"PhaseEncodingSteps": 282,
	"AcquisitionMatrixPE": 256,
	"ReconMatrixPE": 256,
	"ParallelReductionFactorInPlane": 2,
	"PixelBandwidth": 250,
	"DwellTime": 7.8e-06,
	"ImageOrientationPatientDICOM": [
		0.998033,
		-0.0194538,
		0.0596008,
		0.0198602,
		0.999783,
		-0.00623506	],
	"InPlanePhaseEncodingDirectionDICOM": "ROW",
	"ConversionSoftware": "dcm2niix",
	"ConversionSoftwareVersion": "v1.0.20171215 (OpenJPEG build) GCC4.8.4"
}
